GIT
  remote: https://github.com/ruby/debug
  revision: d270e3fc809caf18b0d6487eaf004ab219f82f3b
  specs:
    debug (1.5.0)
      irb (>= 1.3.6)
      reline (>= 0.2.7)

GEM
  remote: https://rubygems.org/
  specs:
    io-console (0.5.11)
    irb (1.4.1)
      reline (>= 0.3.0)
    reline (0.3.1)
      io-console (~> 0.5)

PLATFORMS
  ruby

DEPENDENCIES
  debug!

BUNDLED WITH
   2.1.4
